GEM
  remote: http://rubygems.org/
  specs:
    actionmailer (2.3.14)
      actionpack (= 2.3.14)
    actionpack (2.3.14)
      activesupport (= 2.3.14)
      rack (~> 1.1.0)
    activerecord (2.3.14)
      activesupport (= 2.3.14)
    activeresource (2.3.14)
      activesupport (= 2.3.14)
    activesupport (2.3.14)
    coderay (1.0.6)
    edavis10-object_daddy (0.4.3)
    i18n (0.4.2)
    json (1.7.3)
    metaclass (0.0.1)
    mocha (0.11.4)
      metaclass (~> 0.0.1)
    net-ldap (0.3.1)
    pg (0.13.2)
    rack (1.1.3)
    rails (2.3.14)
      actionmailer (= 2.3.14)
      actionpack (= 2.3.14)
      activerecord (= 2.3.14)
      activeresource (= 2.3.14)
      activesupport (= 2.3.14)
      rake (>= 0.8.3)
    rake (0.9.2.2)
    rdoc (3.12)
      json (~> 1.4)
    rmagick (2.13.1)
    ruby-openid (2.1.8)
    shoulda (2.10.3)
    tzinfo (0.3.33)

PLATFORMS
  ruby

DEPENDENCIES
  coderay (~> 1.0.6)
  edavis10-object_daddy
  i18n (~> 0.4.2)
  mocha
  net-ldap (~> 0.3.1)
  pg (>= 0.13.0)
  rails (= 2.3.14)
  rdoc (>= 2.4.2)
  rmagick (>= 2.0.0)
  ruby-openid (~> 2.1.4)
  shoulda (~> 2.10.3)
  tzinfo (~> 0.3.31)
